PATH
  remote: .
  specs:
    2nd_gig (0.0.3)
      net-irc
      nokogiri
      slop

GEM
  remote: https://rubygems.org/
  specs:
    net-irc (0.0.9)
    nokogiri (1.5.9)
    slop (3.4.4)

PLATFORMS
  ruby

DEPENDENCIES
  2nd_gig!
