PATH
  remote: .
  specs:
    2nd_gig (0.0.3)
      net-irc
      nokogiri
      slop

GEM
  remote: https://rubygems.org/
  specs:
    mini_portile (0.6.2)
    net-irc (0.0.9)
    nokogiri (1.6.6.2)
      mini_portile (~> 0.6.0)
    slop (4.2.0)

PLATFORMS
  ruby

DEPENDENCIES
  2nd_gig!

BUNDLED WITH
   1.10.5
